GEM
  remote: https://rubygems.org/
  specs:
    eventmachine (1.0.7)

PLATFORMS
  ruby

DEPENDENCIES
  eventmachine (~> 1.0.7)
